GEM
  remote: http://rubygems.org/
  remote: http://gems.github.com/
  specs:
    ffi (1.1.3)
    mime-types (1.19)
    typhoeus (0.4.2)
      ffi (~> 1.0)
      mime-types (~> 1.18)

PLATFORMS
  ruby

DEPENDENCIES
  typhoeus
